PATH
  remote: ..
  specs:
    jisho_sort (0.0.1)
      ffi (>= 1.9.0)
      natto

GEM
  remote: http://rubygems.org/
  specs:
    ffi (1.17.0)
    natto (1.2.0)
      ffi (>= 1.9.0)

PLATFORMS
  aarch64-linux-gnu
  aarch64-linux-musl
  arm-linux-gnu
  arm-linux-musl
  arm64-darwin
  ruby
  x86-linux-gnu
  x86-linux-musl
  x86_64-darwin
  x86_64-linux-gnu
  x86_64-linux-musl

DEPENDENCIES
  jisho_sort!

BUNDLED WITH
   2.5.22
